GEM
  remote: http://rubygems.org/
  specs:
    diffy (2.0.4)
    facets (2.9.1)
    git (1.2.5)
    hpricot (0.8.4)
    jeweler (1.8.4)
      bundler (~> 1.0)
      git (>= 1.2.5)
      rake
      rdoc
    json (1.5.4)
    metaclass (0.0.1)
    mime-types (1.16)
    mocha (0.10.0)
      metaclass (~> 0.0.1)
    rake (0.9.2)
    rcov (0.9.10)
    rdoc (3.12)
      json (~> 1.4)
    rest-client (1.6.7)
      mime-types (>= 1.16)
    shoulda (2.11.3)

PLATFORMS
  ruby

DEPENDENCIES
  bundler (>= 1.0.0)
  diffy (~> 2.0.3)
  facets (= 2.9.1)
  hpricot (~> 0.8.4)
  jeweler (~> 1.8.0)
  json (~> 1.5.2)
  mocha
  rake (~> 0.9.2)
  rcov
  rest-client (~> 1.6.1)
  shoulda
