GEM
  remote: http://rubygems.org/
  specs:
    diffy (2.0.1)
    facets (2.9.1)
    git (1.2.5)
    jeweler (1.6.0)
      bundler (~> 1.0.0)
      git (>= 1.2.5)
      rake
    json (1.5.3)
    json (1.5.3-java)
    mime-types (1.16)
    mocha (0.9.12)
    rake (0.8.7)
    rcov (0.9.9)
    rcov (0.9.9-java)
    rest-client (1.6.1)
      mime-types (>= 1.16)
    shoulda (2.11.3)

PLATFORMS
  java
  ruby

DEPENDENCIES
  bundler (~> 1.0.0)
  diffy (~> 2.0.1)
  facets (~> 2.9.1)
  jeweler (~> 1.6.0)
  json (~> 1.5.2)
  mocha
  rcov
  rest-client (~> 1.6.1)
  shoulda
